GEM
  remote: http://rubygems.org/
  specs:
    babosa (0.3.5)
    rack (1.3.1)
    redcarpet (1.17.2)
    sinatra (1.2.6)
      rack (~> 1.1)
      tilt (>= 1.2.2, < 2.0)
    tilt (1.3.2)

PLATFORMS
  ruby

DEPENDENCIES
  babosa
  redcarpet
  sinatra
